GEM
  remote: https://rubygems.org/
  specs:
    kramdown (2.3.1)
      rexml
    rexml (3.2.4)
    yard (0.9.20)

PLATFORMS
  java
  ruby

DEPENDENCIES
  kramdown
  yard (>= 0.9.20)

BUNDLED WITH
   1.16.1
