GEM
  remote: https://rubygems.org/
  specs:
    rack (1.6.13)
    rack-protection (1.5.5)
      rack
    sinatra (1.4.7)
      rack (~> 1.5)
      rack-protection (~> 1.4)
      tilt (>= 1.3, < 3)
    tilt (2.0.9)

PLATFORMS
  java
  ruby

DEPENDENCIES
  sinatra (= 1.4.7)

BUNDLED WITH
   1.16.1
